PATH
  remote: .
  specs:
    grelok (2.0.0)
      rake (~> 10.0)

GEM
  remote: http://rubygems.org/
  specs:
    activesupport (3.2.13)
      i18n (= 0.6.1)
      multi_json (~> 1.0)
    ansi (1.4.3)
    bourne (1.4.0)
      mocha (~> 0.13.2)
    i18n (0.6.1)
    metaclass (0.0.1)
    mocha (0.13.3)
      metaclass (~> 0.0.1)
    multi_json (1.6.1)
    rake (10.0.4)
    shoulda (3.4.0)
      shoulda-context (~> 1.0, >= 1.0.1)
      shoulda-matchers (~> 1.0, >= 1.4.1)
    shoulda-context (1.0.2)
    shoulda-matchers (1.5.6)
      activesupport (>= 3.0.0)
      bourne (~> 1.3)
    turn (0.9.6)
      ansi

PLATFORMS
  ruby

DEPENDENCIES
  grelok!
  mocha (~> 0.13.3)
  shoulda (~> 3.4.0)
  turn (~> 0.9.6)
